PATH
  remote: .
  specs:
    bcast_file_transfer (0.1.0)
      rsync

GEM
  remote: https://rubygems.org/
  specs:
    minitest (5.4.3)
    rake (10.4.2)
    rsync (1.0.9)

PLATFORMS
  ruby

DEPENDENCIES
  bcast_file_transfer!
  bundler (~> 1.16)
  minitest (~> 5.0)
  rake (~> 10.0)

BUNDLED WITH
   1.16.1
